GIT
  remote: git://github.com/pry/pry.git
  revision: 137db2c3220bdf3f3705a5b9f05650c1f016c9db
  specs:
    pry (0.9.11.3)
      coderay (~> 1.0.5)
      method_source (~> 0.8)
      slop (~> 3.4)

GEM
  remote: https://rubygems.org/
  specs:
    activesupport (3.2.13)
      i18n (= 0.6.1)
      multi_json (~> 1.0)
    ansi (1.4.3)
    binding_of_caller (0.7.1)
      debug_inspector (>= 0.0.1)
    bond (0.4.3)
    coderay (1.0.9)
    columnize (0.3.6)
    debug_inspector (0.0.2)
    debugger (1.5.0)
      columnize (>= 0.3.1)
      debugger-linecache (~> 1.2.0)
      debugger-ruby_core_source (~> 1.2.0)
    debugger-linecache (1.2.0)
    debugger-ruby_core_source (1.2.0)
    factory_girl (4.2.0)
      activesupport (>= 3.0.0)
    i18n (0.6.1)
    interception (0.3)
    jist (1.5.0)
      json
    json (1.7.7)
    method_source (0.8.1)
    minitest (4.7.3)
    multi_json (1.7.2)
    pry-debugger (0.2.2)
      debugger (~> 1.3)
      pry (>= 0.9.10)
    pry-doc (0.4.5)
      pry (>= 0.9)
      yard (>= 0.8)
    pry-docmore (0.1.1)
      pry
      pry-doc
    pry-plus (1.0.0)
      bond
      jist
      pry-debugger
      pry-doc
      pry-docmore
      pry-rescue
      pry-stack_explorer
    pry-rescue (1.1.0)
      interception (>= 0.3)
      pry
    pry-stack_explorer (0.4.9)
      binding_of_caller (>= 0.7)
      pry (~> 0.9.11)
    slop (3.4.4)
    turn (0.9.6)
      ansi
    yard (0.8.6.1)

PLATFORMS
  ruby

DEPENDENCIES
  factory_girl
  minitest
  pry!
  pry-plus
  turn
